NUGET
  remote: https://nuget.org/api/v2
  specs:
    FAKE (3.31.0)
    NSubstitute (1.8.1.0)
    NUnit (2.6.4)
    NUnit.Runners (2.6.4)
